GEM
  remote: https://rubygems.org/
  specs:
    colorize (1.0.1)

PLATFORMS
  arm64-darwin-20
  x86_64-linux

DEPENDENCIES
  colorize (~> 1)

BUNDLED WITH
   2.2.3
